GEM
  remote: http://rubygems.org/
  specs:
    coderay (1.1.0)
    ffi (1.9.3-java)
    jruby-jars (1.7.10)
    jruby-rack (1.1.13.3)
    method_source (0.8.2)
    pry (0.9.12.4)
      coderay (~> 1.0)
      method_source (~> 0.8)
      slop (~> 3.4)
    pry (0.9.12.4-java)
      coderay (~> 1.0)
      method_source (~> 0.8)
      slop (~> 3.4)
      spoon (~> 0.0)
    puma (2.7.1)
      rack (>= 1.1, < 2.0)
    puma (2.7.1-java)
      rack (>= 1.1, < 2.0)
    rack (1.4.1)
    rack-protection (1.5.2)
      rack
    rake (10.1.1)
    rubyzip (1.0.0)
    sinatra (1.4.4)
      rack (~> 1.4)
      rack-protection (~> 1.4)
      tilt (~> 1.3, >= 1.3.4)
    slop (3.4.7)
    spoon (0.0.4)
      ffi
    tilt (1.4.1)
    warbler (1.4.0)
      jruby-jars (>= 1.5.6)
      jruby-rack (>= 1.0.0)
      rake (>= 0.9.6)
      rubyzip (>= 0.9, < 1.1)

PLATFORMS
  java
  ruby

DEPENDENCIES
  pry
  puma
  rack
  rake
  sinatra
  warbler
